NUGET
  remote: https://www.nuget.org/api/v2
  specs:
    FsCheck (1.0.4)
    FsPickler (1.0.11)
    FsUnit (1.3.0.1)
      NUnit (>= 2.6.3)
    MBrace.Core (0.9.1-alpha)
    MBrace.Runtime.Core (0.9.1-alpha)
      FsCheck (>= 1.0.4)
      FsPickler (>= 1.0.7)
      MBrace.Core (0.9.1-alpha)
      NUnit (>= 2.6.3)
      Vagabond (>= 0.3.0)
    Microsoft.Data.Edm (5.6.3)
    Microsoft.Data.OData (5.6.3)
      Microsoft.Data.Edm (5.6.3)
      System.Spatial (5.6.3)
    Microsoft.Data.Services.Client (5.6.3)
      Microsoft.Data.OData (5.6.3)
    Microsoft.WindowsAzure.ConfigurationManager (2.0.3)
    Newtonsoft.Json (6.0.6)
    NuGet.CommandLine (2.8.3)
    NUnit (2.6.3)
    System.Spatial (5.6.3)
    Vagabond (0.3.2)
      FsPickler (>= 1.0.8)
    WindowsAzure.ServiceBus (2.5.2.0)
      Microsoft.WindowsAzure.ConfigurationManager
    WindowsAzure.Storage (4.3.0)
      Microsoft.Data.OData (>= 5.6.2)
      Microsoft.Data.Services.Client (>= 5.6.2) - >= net40
      Microsoft.WindowsAzure.ConfigurationManager (>= 1.8.0.0) - >= net40
      Newtonsoft.Json (>= 5.0.8) - wpv8.0, >= net40
