REDIRECTS: ON
FRAMEWORK: >= NET45
NUGET
  remote: https://www.nuget.org/api/v2
    Argu (3.2)
    FSharp.Core (4.1.17)
      System.ValueTuple (>= 4.3)
    FsPickler (3.2)
    FsPickler.Json (3.2)
      FsPickler (3.2)
      Newtonsoft.Json (>= 6.0.5)
    Hyak.Common (1.1.3)
      Newtonsoft.Json (>= 6.0.8)
    MBrace.Core (1.4)
    MBrace.CSharp (1.4.0-alpha)
      FSharp.Core (>= 3.0)
      MBrace.Core (1.4)
      MBrace.Flow (1.4)
      Streams (>= 0.4 < 0.5)
    MBrace.Flow (1.4)
      FSharp.Core (>= 3.0)
      MBrace.Core (1.4)
      Streams (>= 0.4 < 0.5)
    MBrace.Runtime (1.4)
      FsPickler (>= 3.2 < 4.0)
      FsPickler.Json (>= 3.2 < 4.0)
      MBrace.Core (1.4)
      Vagabond (>= 0.14 < 0.15)
    Microsoft.Azure.Common (2.1.4)
      Hyak.Common (>= 1.1.3)
    Microsoft.Azure.KeyVault.Core (2.0.4)
    Microsoft.Bcl (1.1.10)
      Microsoft.Bcl.Build (>= 1.0.14)
    Microsoft.Bcl.Async (1.0.168)
      Microsoft.Bcl (>= 1.1.8)
    Microsoft.Bcl.Build (1.0.21) - import_targets: false
    Microsoft.Data.Edm (5.8.2)
    Microsoft.Data.OData (5.8.2)
      Microsoft.Data.Edm (5.8.2)
      System.Spatial (5.8.2)
    Microsoft.Data.Services.Client (5.8.2)
      Microsoft.Data.OData (5.8.2)
    Microsoft.Net.Http (2.2.29)
      Microsoft.Bcl (>= 1.1.10)
      Microsoft.Bcl.Build (>= 1.0.14)
    Microsoft.WindowsAzure.Common (1.4.1)
      Microsoft.WindowsAzure.Common.Dependencies (>= 1.1.1)
    Microsoft.WindowsAzure.Common.Dependencies (1.1.1)
      Microsoft.Bcl (>= 1.1.9)
      Microsoft.Bcl.Async (>= 1.0.168)
      Microsoft.Bcl.Build (>= 1.0.14)
      Microsoft.Net.Http (>= 2.2.22)
      Newtonsoft.Json (>= 6.0.4)
    Microsoft.WindowsAzure.ConfigurationManager (3.2.3)
    Microsoft.WindowsAzure.Management (4.1.1)
      Microsoft.Azure.Common (>= 2.0.4 < 3.0)
    Microsoft.WindowsAzure.Management.Compute (14.0)
      Microsoft.Azure.Common (>= 2.0.4 < 3.0)
    Microsoft.WindowsAzure.Management.Libraries (2.0)
      Microsoft.WindowsAzure.Common (>= 1.3 < 2.0)
      Microsoft.WindowsAzure.Management (>= 2.0)
      Microsoft.WindowsAzure.Management.Compute (>= 5.0)
      Microsoft.WindowsAzure.Management.MediaServices (>= 2.0)
      Microsoft.WindowsAzure.Management.Monitoring (>= 1.0)
      Microsoft.WindowsAzure.Management.Network (>= 3.0)
      Microsoft.WindowsAzure.Management.Scheduler (>= 3.0)
      Microsoft.WindowsAzure.Management.Sql (>= 3.0)
      Microsoft.WindowsAzure.Management.Storage (>= 3.0)
      Microsoft.WindowsAzure.Management.WebSites (>= 3.0)
    Microsoft.WindowsAzure.Management.MediaServices (4.1)
      Microsoft.Azure.Common (>= 2.0.1 < 3.0)
    Microsoft.WindowsAzure.Management.Monitoring (4.1)
      Microsoft.Azure.Common (>= 2.0.1 < 3.0)
    Microsoft.WindowsAzure.Management.Network (8.2)
      Microsoft.Azure.Common (>= 2.1 < 3.0)
    Microsoft.WindowsAzure.Management.Scheduler (6.2)
      Microsoft.Azure.Common (>= 2.0.4 < 3.0)
    Microsoft.WindowsAzure.Management.ServiceBus (0.19.0-preview)
      Microsoft.Azure.Common (>= 2.0.4 < 3.0)
    Microsoft.WindowsAzure.Management.Sql (5.2)
      Microsoft.Azure.Common (>= 2.0.4 < 3.0)
    Microsoft.WindowsAzure.Management.Storage (6.0.1)
      Microsoft.Azure.Common (>= 2.0.4 < 3.0)
    Microsoft.WindowsAzure.Management.WebSites (4.0)
      Microsoft.WindowsAzure.Common (>= 1.3 < 2.0)
    Mono.Cecil (0.9.6.4)
    Newtonsoft.Json (10.0.2)
    Streams (0.4.1)
    System.Collections.Immutable (1.3.1)
    System.Reflection.Metadata (1.4.2)
      System.Collections.Immutable (>= 1.3.1)
    System.Runtime.Loader (4.3)
    System.Spatial (5.8.2)
    System.ValueTuple (4.3.1)
    Vagabond (0.14)
      FsPickler (>= 3.0 < 4.0)
      Mono.Cecil (>= 0.9.6.3 < 0.9.7)
    WindowsAzure.ServiceBus (3.4.6)
    WindowsAzure.Storage (7.2.1)
      Microsoft.Azure.KeyVault.Core (>= 1.0)
      Microsoft.Data.OData (>= 5.6.4)
      Microsoft.Data.Services.Client (>= 5.6.4)
      Newtonsoft.Json (>= 6.0.8)
GITHUB
  remote: isaacabraham/azure-fsharp-helpers
    src/configuration.fs (750f353438da7c69fdc62935d30faeda2c42eac1)
GROUP Build
REDIRECTS: ON
FRAMEWORK: >= NET45
NUGET
  remote: https://www.nuget.org/api/v2
    FAKE (4.61.3)
    NuGet.CommandLine (4.1)
    Octokit (0.24)
GITHUB
  remote: fsharp/FAKE
    modules/Octokit/Octokit.fsx (ad65548e62c35ad64ad1f9db6f5768330bc06594)
      Octokit (>= 0.20)
GROUP Test
REDIRECTS: ON
FRAMEWORK: >= NET45
NUGET
  remote: https://www.nuget.org/api/v2
    FsCheck (2.9)
      FSharp.Core (>= 4.1)
    FSharp.Compiler.Service (5.0)
    FSharp.Core (4.1.17)
      System.ValueTuple (>= 4.3)
    MathNet.Numerics (3.7.1)
    MathNet.Numerics.FSharp (3.7.1)
      FSharp.Core (>= 3.1.2.1)
      MathNet.Numerics (3.7.1)
    MathNet.Numerics.MKL.Win-x64 (1.8)
      MathNet.Numerics (>= 2.4)
    MBrace.Core (1.4)
    MBrace.Flow (1.4)
      FSharp.Core (>= 3.0)
      MBrace.Core (1.4)
      Streams (>= 0.4 < 0.5)
    MBrace.Tests (1.4)
      FsCheck (>= 2.0.1)
      MBrace.Core (1.4)
      MBrace.Flow (1.4)
      NUnit (>= 2.6 < 3.0)
      Unquote (>= 3.0 < 4.0)
    NUnit (2.6.4)
    NUnit.Runners (2.6.4)
    Streams (0.4.1)
    System.ValueTuple (4.3.1)
    Unquote (3.2)
