REDIRECTS: ON
FRAMEWORK: >= NET45
NUGET
  remote: https://www.nuget.org/api/v2
  specs:
    Argu (2.1)
    FAKE (4.27)
    FsCheck (2.4)
      FSharp.Core (>= 3.1.2.5)
    FSharp.Compiler.Service (1.3.1.2)
    FSharp.Core (4.0.0.1)
    FsPickler (2.1)
    FsPickler.Json (2.1)
      FsPickler (2.1)
      Newtonsoft.Json (>= 6.0.5)
    Hyak.Common (1.1)
      Microsoft.Bcl (>= 1.1.9)
      Microsoft.Bcl.Async (>= 1.0.168)
      Microsoft.Bcl.Build (>= 1.0.14)
      Microsoft.Net.Http (>= 2.2.22)
      Newtonsoft.Json (>= 7.0.1)
    MathNet.Numerics (3.7.1)
    MathNet.Numerics.FSharp (3.7.1)
      FSharp.Core (>= 3.1.2.1)
      MathNet.Numerics (3.7.1)
    MathNet.Numerics.MKL.Win-x64 (1.8)
      MathNet.Numerics (>= 2.4)
    MBrace.Core (1.2)
    MBrace.CSharp (1.2.0-alpha)
      FSharp.Core (>= 3.0)
      MBrace.Core (1.2)
      MBrace.Flow (1.2)
      Streams (>= 0.4 < 0.5)
    MBrace.Flow (1.2)
      FSharp.Core (>= 3.0)
      MBrace.Core (1.2)
      Streams (>= 0.4 < 0.5)
    MBrace.Runtime (1.2)
      FsPickler (>= 2.1 < 2.2)
      FsPickler.Json (>= 2.1 < 2.2)
      MBrace.Core (1.2)
      Vagabond (>= 0.12.11 < 0.13)
    MBrace.Tests (1.2)
      FsCheck (>= 2.0.1)
      MBrace.Core (1.2)
      MBrace.Flow (1.2)
      NUnit (>= 2.6 < 3.0)
    Microsoft.Azure.Common (2.1)
      Hyak.Common (>= 1.0.2)
      Microsoft.Azure.Common.Dependencies (>= 1.0)
    Microsoft.Azure.Common.Dependencies (1.0)
      Microsoft.Bcl (>= 1.1.9)
      Microsoft.Bcl.Async (>= 1.0.168)
      Microsoft.Bcl.Build (>= 1.0.14)
      Microsoft.Net.Http (>= 2.2.22)
      Newtonsoft.Json (>= 6.0.4)
    Microsoft.Bcl (1.1.10)
      Microsoft.Bcl.Build (>= 1.0.14)
    Microsoft.Bcl.Async (1.0.168)
      Microsoft.Bcl (>= 1.1.8)
    Microsoft.Bcl.Build (1.0.21) - import_targets: false
    Microsoft.Data.Edm (5.7)
    Microsoft.Data.OData (5.7)
      Microsoft.Data.Edm (5.7)
      System.Spatial (5.7)
    Microsoft.Data.Services.Client (5.7)
      Microsoft.Data.OData (5.7)
    Microsoft.Net.Http (2.2.29)
      Microsoft.Bcl (>= 1.1.10)
      Microsoft.Bcl.Build (>= 1.0.14)
    Microsoft.WindowsAzure.Common (1.4.1)
      Microsoft.WindowsAzure.Common.Dependencies (>= 1.1.1)
    Microsoft.WindowsAzure.Common.Dependencies (1.1.1)
      Microsoft.Bcl (>= 1.1.9)
      Microsoft.Bcl.Async (>= 1.0.168)
      Microsoft.Bcl.Build (>= 1.0.14)
      Microsoft.Net.Http (>= 2.2.22)
      Newtonsoft.Json (>= 6.0.4)
    Microsoft.WindowsAzure.ConfigurationManager (3.2.1)
    Microsoft.WindowsAzure.Management (4.1.1)
      Microsoft.Azure.Common (>= 2.0.4 < 3.0)
    Microsoft.WindowsAzure.Management.Compute (12.8)
      Microsoft.Azure.Common (>= 2.0.4 < 3.0)
    Microsoft.WindowsAzure.Management.Libraries (2.0)
      Microsoft.WindowsAzure.Common (>= 1.3 < 2.0)
      Microsoft.WindowsAzure.Management (>= 2.0)
      Microsoft.WindowsAzure.Management.Compute (>= 5.0)
      Microsoft.WindowsAzure.Management.MediaServices (>= 2.0)
      Microsoft.WindowsAzure.Management.Monitoring (>= 1.0)
      Microsoft.WindowsAzure.Management.Network (>= 3.0)
      Microsoft.WindowsAzure.Management.Scheduler (>= 3.0)
      Microsoft.WindowsAzure.Management.Sql (>= 3.0)
      Microsoft.WindowsAzure.Management.Storage (>= 3.0)
      Microsoft.WindowsAzure.Management.WebSites (>= 3.0)
    Microsoft.WindowsAzure.Management.MediaServices (4.1)
      Microsoft.Azure.Common (>= 2.0.1 < 3.0)
    Microsoft.WindowsAzure.Management.Monitoring (4.1)
      Microsoft.Azure.Common (>= 2.0.1 < 3.0)
    Microsoft.WindowsAzure.Management.Network (7.1.1)
      Microsoft.Azure.Common (>= 2.1 < 3.0)
    Microsoft.WindowsAzure.Management.Scheduler (6.2)
      Microsoft.Azure.Common (>= 2.0.4 < 3.0)
    Microsoft.WindowsAzure.Management.ServiceBus (0.18.0-preview)
      Microsoft.Azure.Common (>= 2.0.4 < 3.0)
    Microsoft.WindowsAzure.Management.Sql (5.2)
      Microsoft.Azure.Common (>= 2.0.4 < 3.0)
    Microsoft.WindowsAzure.Management.Storage (6.0)
      Microsoft.Azure.Common (>= 2.0.4 < 3.0)
    Microsoft.WindowsAzure.Management.WebSites (4.0)
      Microsoft.WindowsAzure.Common (>= 1.3 < 2.0)
    Mono.Cecil (0.9.6.1)
    Newtonsoft.Json (8.0.3)
    NuGet.CommandLine (3.4.3)
    NUnit (2.6.4)
    NUnit.Runners (2.6.4)
    Octokit (0.19)
    Streams (0.4.1)
    System.Runtime.Loader (4.0.0-rc2-24027)
    System.Spatial (5.7)
    Vagabond (0.12.11)
      FsPickler (>= 2.1 < 3.0)
      Mono.Cecil (>= 0.9.6.1 < 0.9.7)
    WindowsAzure.ServiceBus (2.5.4)
      Microsoft.WindowsAzure.ConfigurationManager
    WindowsAzure.Storage (4.3)
      Microsoft.Data.OData (>= 5.6.2)
      Microsoft.Data.Services.Client (>= 5.6.2)
      Microsoft.WindowsAzure.ConfigurationManager (>= 1.8)
      Newtonsoft.Json (>= 5.0.8)
