NUGET
  remote: https://www.nuget.org/api/v2
  specs:
    FAKE (4.4.2)
    FsCheck (2.0.7)
      FSharp.Core (>= 3.1.2.5)
    FSharp.Compiler.Service (1.3.1.2)
    FSharp.Core (4.0.0.1)
    FsPickler (1.4.0)
    FsPickler.Json (1.4.0)
      FsPickler (1.4.0)
      Newtonsoft.Json (>= 6.0.5)
    FsUnit (1.3.0.1)
      NUnit (>= 2.6.3)
    MathNet.Numerics (3.7.0)
      TaskParallelLibrary (>= 1.0.2856) - framework: >= net35 < net40
    MathNet.Numerics.FSharp (3.7.0)
      FSharp.Core (>= 3.1.2.1)
      MathNet.Numerics (3.7.0)
    MathNet.Numerics.MKL.Win-x64 (1.8.0)
      MathNet.Numerics (>= 2.4.0)
    MBrace.Core (0.10.10-alpha)
    MBrace.Flow (0.10.10-alpha)
      MBrace.Core (0.10.10-alpha)
      Streams (>= 0.3.0 < 0.4.0)
    MBrace.Runtime (0.10.10-alpha)
      FsPickler (>= 1.4.0 < 1.5.0)
      FsPickler.Json (>= 1.4.0 < 1.5.0)
      MBrace.Core (0.10.10-alpha)
      Vagabond (>= 0.9.0 < 0.10.0)
    MBrace.Tests (0.10.10-alpha)
      FsCheck (>= 2.0.1)
      MBrace.Core (0.10.10-alpha)
      MBrace.Flow (0.10.10-alpha)
      NUnit (>= 2.6.3)
    Microsoft.Data.Edm (5.6.4)
    Microsoft.Data.OData (5.6.4) - framework: winv4.5, wpv8.1, wpv8.0, >= net40
      Microsoft.Data.Edm (5.6.4)
      System.Spatial (5.6.4)
    Microsoft.Data.Services.Client (5.6.4) - framework: >= net40
      Microsoft.Data.OData (5.6.4)
    Microsoft.WindowsAzure.ConfigurationManager (3.1.0) - framework: >= net40
    Mono.Cecil (0.9.6.1)
    Newtonsoft.Json (7.0.1)
    NuGet.CommandLine (2.8.3)
    NUnit (2.6.4)
    NUnit.Runners (2.6.4)
    Streams (0.3.0)
    System.Spatial (5.6.4)
    TaskParallelLibrary (1.0.2856.0) - framework: >= net35 < net40
    Vagabond (0.9.0)
      FsPickler (>= 1.3.0 < 1.4.0)
      Mono.Cecil (0.9.6.1)
    WindowsAzure.ServiceBus (2.5.4)
      Microsoft.WindowsAzure.ConfigurationManager
    WindowsAzure.Storage (4.3.0)
      Microsoft.Data.OData (>= 5.6.2) - framework: winv4.5, wpv8.1, wpv8.0, >= net40
      Microsoft.Data.Services.Client (>= 5.6.2) - framework: >= net40
      Microsoft.WindowsAzure.ConfigurationManager (>= 1.8.0.0) - framework: >= net40
      Newtonsoft.Json (>= 5.0.8) - framework: wpv8.0, >= net40
