REDIRECTS: ON
NUGET
  remote: https://www.nuget.org/api/v2
  specs:
    Argu (2.1)
    FAKE (4.21.4)
    FsCheck (2.2.4)
      FSharp.Core (>= 3.1.2.5)
    FSharp.Compiler.Service (1.3.1.2)
    FSharp.Core (4.0.0.1)
    FsPickler (1.8.1)
    FsPickler.Json (1.8.1)
      FsPickler (1.8.1)
      Newtonsoft.Json (>= 6.0.5)
    Hyak.Common (1.1.0)
      Microsoft.Bcl (>= 1.1.9) - framework: portable-net403+win+wpa81
      Microsoft.Bcl.Async (>= 1.0.168) - framework: portable-net403+win+wpa81
      Microsoft.Bcl.Build (>= 1.0.14) - framework: portable-net403+win+wpa81
      Microsoft.Net.Http (>= 2.2.22) - framework: portable-net403+win+wpa81
      Newtonsoft.Json (>= 7.0.1) - framework: portable-net403+win+wpa81
    MathNet.Numerics (3.7.1)
      TaskParallelLibrary (>= 1.0.2856) - framework: net35
    MathNet.Numerics.FSharp (3.7.1)
      FSharp.Core (>= 3.1.2.1)
      MathNet.Numerics (3.7.1)
    MathNet.Numerics.MKL.Win-x64 (1.8.0)
      MathNet.Numerics (>= 2.4.0)
    MBrace.Core (1.1.1)
    MBrace.CSharp (1.1.1-alpha)
      FSharp.Core (>= 3.0.0)
      MBrace.Core (1.1.1)
      MBrace.Flow (1.1.1)
      Streams (>= 0.4.0 < 0.5.0)
    MBrace.Flow (1.1.1)
      FSharp.Core (>= 3.0.0)
      MBrace.Core (1.1.1)
      Streams (>= 0.4.0 < 0.5.0)
    MBrace.Runtime (1.1.1)
      FsPickler (>= 1.8.0 < 1.9.0)
      FsPickler.Json (>= 1.8.0 < 1.9.0)
      MBrace.Core (1.1.1)
      Vagabond (>= 0.12.7 < 0.13.0)
    MBrace.Tests (1.1.1)
      FsCheck (>= 2.0.1)
      MBrace.Core (1.1.1)
      MBrace.Flow (1.1.1)
      NUnit (>= 2.6.0 < 3.0.0)
    Microsoft.Azure.Common (2.1.0)
      Hyak.Common (>= 1.0.2)
      Microsoft.Azure.Common.Dependencies (>= 1.0.0)
    Microsoft.Azure.Common.Dependencies (1.0.0)
      Microsoft.Bcl (>= 1.1.9) - framework: >= net40, portable-net45+wp80+wpa81+win
      Microsoft.Bcl.Async (>= 1.0.168) - framework: >= net40, portable-net45+wp80+wpa81+win
      Microsoft.Bcl.Build (>= 1.0.14) - framework: >= net40, portable-net45+wp80+wpa81+win
      Microsoft.Net.Http (>= 2.2.22) - framework: >= net40, portable-net45+wp80+wpa81+win
      Newtonsoft.Json (>= 6.0.4) - framework: >= net40, portable-net45+wp80+wpa81+win
    Microsoft.Bcl (1.1.10)
      Microsoft.Bcl.Build (>= 1.0.14)
    Microsoft.Bcl.Async (1.0.168)
      Microsoft.Bcl (>= 1.1.8)
    Microsoft.Bcl.Build (1.0.21) - import_targets: false
    Microsoft.Data.Edm (5.7.0) - framework: >= net40, winv4.5, wpv8.1, wpv8.0
    Microsoft.Data.OData (5.7.0) - framework: >= net40, winv4.5, wpv8.1, wpv8.0
      Microsoft.Data.Edm (5.7.0)
      System.Spatial (5.7.0)
    Microsoft.Data.Services.Client (5.7.0) - framework: >= net40
      Microsoft.Data.OData (5.7.0)
    Microsoft.Net.Http (2.2.29) - framework: >= net10, portable-net403+win+wpa81, portable-net45+wp80+wpa81+win
      Microsoft.Bcl (>= 1.1.10)
      Microsoft.Bcl.Build (>= 1.0.14)
    Microsoft.WindowsAzure.Common (1.4.1)
      Microsoft.WindowsAzure.Common.Dependencies (>= 1.1.1)
    Microsoft.WindowsAzure.Common.Dependencies (1.1.1)
      Microsoft.Bcl (>= 1.1.9) - framework: >= net40, portable-net45+wp80+wpa81+win
      Microsoft.Bcl.Async (>= 1.0.168) - framework: >= net40, portable-net45+wp80+wpa81+win
      Microsoft.Bcl.Build (>= 1.0.14) - framework: >= net40, portable-net45+wp80+wpa81+win
      Microsoft.Net.Http (>= 2.2.22) - framework: >= net40, portable-net45+wp80+wpa81+win
      Newtonsoft.Json (>= 6.0.4) - framework: >= net40, portable-net45+wp80+wpa81+win
    Microsoft.WindowsAzure.ConfigurationManager (3.2.1)
    Microsoft.WindowsAzure.Management (4.1.1)
      Microsoft.Azure.Common (>= 2.0.4 < 3.0)
    Microsoft.WindowsAzure.Management.Compute (12.6.0)
      Microsoft.Azure.Common (>= 2.0.4 < 3.0.0)
    Microsoft.WindowsAzure.Management.Libraries (2.0.0)
      Microsoft.WindowsAzure.Common (>= 1.3.0 < 2.0)
      Microsoft.WindowsAzure.Management (>= 2.0.0)
      Microsoft.WindowsAzure.Management.Compute (>= 5.0.0)
      Microsoft.WindowsAzure.Management.MediaServices (>= 2.0.0)
      Microsoft.WindowsAzure.Management.Monitoring (>= 1.0.0)
      Microsoft.WindowsAzure.Management.Network (>= 3.0.0)
      Microsoft.WindowsAzure.Management.Scheduler (>= 3.0.0)
      Microsoft.WindowsAzure.Management.Sql (>= 3.0.0)
      Microsoft.WindowsAzure.Management.Storage (>= 3.0.0)
      Microsoft.WindowsAzure.Management.WebSites (>= 3.0.0)
    Microsoft.WindowsAzure.Management.MediaServices (4.1.0)
      Microsoft.Azure.Common (>= 2.0.1 < 3.0)
    Microsoft.WindowsAzure.Management.Monitoring (4.1.0)
      Microsoft.Azure.Common (>= 2.0.1 < 3.0)
    Microsoft.WindowsAzure.Management.Network (7.0.5)
      Microsoft.Azure.Common (>= 2.1.0 < 3.0.0)
    Microsoft.WindowsAzure.Management.Scheduler (6.2.0)
      Microsoft.Azure.Common (>= 2.0.4 < 3.0)
    Microsoft.WindowsAzure.Management.ServiceBus (0.18.0-preview)
      Microsoft.Azure.Common (>= 2.0.4 < 3.0.0)
    Microsoft.WindowsAzure.Management.Sql (5.2.0)
      Microsoft.Azure.Common (>= 2.0.4 < 3.0)
    Microsoft.WindowsAzure.Management.Storage (5.1.1)
      Microsoft.Azure.Common (>= 2.0.4 < 3.0)
    Microsoft.WindowsAzure.Management.WebSites (4.0.0)
      Microsoft.WindowsAzure.Common (>= 1.3.0 < 2.0)
    Mono.Cecil (0.9.6.1)
    Newtonsoft.Json (8.0.2)
    NuGet.CommandLine (3.3.0)
    NUnit (2.6.4)
    NUnit.Runners (2.6.4)
    Octokit (0.18.0)
      Microsoft.Net.Http  - framework: net10, net11, net20, net30, net35, net40, net40
    Streams (0.4.1)
    System.Globalization (4.0.10) - framework: dnxcore50
      System.Runtime (>= 4.0.0) - framework: dnxcore50
    System.IO (4.0.10) - framework: dnxcore50
      System.Globalization (>= 4.0.0) - framework: dnxcore50
      System.Runtime (>= 4.0.20) - framework: dnxcore50
      System.Text.Encoding (>= 4.0.0) - framework: dnxcore50
      System.Text.Encoding (>= 4.0.10) - framework: dnxcore50
      System.Text.Encoding.Extensions (>= 4.0.0) - framework: dnxcore50
      System.Threading (>= 4.0.0) - framework: dnxcore50
      System.Threading.Tasks (>= 4.0.0) - framework: dnxcore50
    System.Private.Uri (4.0.0) - framework: dnxcore50
    System.Reflection (4.0.10) - framework: dnxcore50
      System.IO (>= 4.0.0) - framework: dnxcore50
      System.Reflection.Primitives (>= 4.0.0) - framework: dnxcore50
      System.Runtime (>= 4.0.20) - framework: dnxcore50
    System.Reflection.Primitives (4.0.0) - framework: dnxcore50
      System.Runtime (>= 4.0.0) - framework: dnxcore50
      System.Threading (>= 4.0.0) - framework: dnxcore50
    System.Runtime (4.0.20) - framework: dnxcore50
      System.Private.Uri (>= 4.0.0) - framework: dnxcore50
    System.Runtime.Loader (4.0.0-beta-23516)
      System.IO (>= 4.0.0) - framework: dnxcore50
      System.Reflection (>= 4.0.0) - framework: dnxcore50
      System.Runtime (>= 4.0.0) - framework: dnxcore50
    System.Spatial (5.7.0) - framework: >= net40, winv4.5, wpv8.1, wpv8.0
    System.Text.Encoding (4.0.10) - framework: dnxcore50
      System.Runtime (>= 4.0.0) - framework: dnxcore50
    System.Text.Encoding.Extensions (4.0.10) - framework: dnxcore50
      System.Runtime (>= 4.0.0) - framework: dnxcore50
      System.Text.Encoding (>= 4.0.10) - framework: dnxcore50
    System.Threading (4.0.10) - framework: dnxcore50
      System.Runtime (>= 4.0.0) - framework: dnxcore50
      System.Threading.Tasks (>= 4.0.0) - framework: dnxcore50
    System.Threading.Tasks (4.0.10) - framework: dnxcore50
      System.Runtime (>= 4.0.0) - framework: dnxcore50
    TaskParallelLibrary (1.0.2856) - framework: net35
    Vagabond (0.12.7)
      FsPickler (>= 1.8.0 < 1.9.0)
      Mono.Cecil (>= 0.9.6.1 < 0.9.7)
    WindowsAzure.ServiceBus (2.5.4)
      Microsoft.WindowsAzure.ConfigurationManager
    WindowsAzure.Storage (4.3.0)
      Microsoft.Data.OData (>= 5.6.2) - framework: >= net40, winv4.5, wpv8.1, wpv8.0
      Microsoft.Data.Services.Client (>= 5.6.2) - framework: >= net40
      Microsoft.WindowsAzure.ConfigurationManager (>= 1.8.0.0) - framework: >= net40
      Newtonsoft.Json (>= 5.0.8) - framework: >= net40, wpv8.0
GITHUB
  remote: fsharp/FAKE
  specs:
    modules/Octokit/Octokit.fsx (58dce73f9a069ae7fbfbae993f5e6f06ed9218d5)
      Octokit